GIT
  remote: https://github.com/stympy/faker.git
  revision: ec06d217644cf3d66bd0e658c9b168af8f0c38c7
  branch: master
  specs:
    faker (2.15.1)
      i18n (>= 1.6, < 2)

GEM
  remote: https://rubygems.org/
  specs:
    activesupport (6.1.0)
      concurrent-ruby (~> 1.0, >= 1.0.2)
      i18n (>= 1.6, < 2)
      minitest (>= 5.1)
      tzinfo (~> 2.0)
      zeitwerk (~> 2.3)
    addressable (2.7.0)
      public_suffix (>= 2.0.2, < 5.0)
    appium_capybara (1.7.0)
      appium_lib (>= 9.15.0)
      capybara (~> 3.0)
    appium_lib (10.6.0)
      appium_lib_core (~> 3.3)
      nokogiri (~> 1.8, >= 1.8.1)
      tomlrb (~> 1.1)
    appium_lib_core (3.11.1)
      faye-websocket (~> 0.11.0)
      selenium-webdriver (~> 3.14, >= 3.14.1)
    archive-zip (0.12.0)
      io-like (~> 0.3.0)
    ast (2.4.1)
    axiom-types (0.1.1)
      descendants_tracker (~> 0.0.4)
      ice_nine (~> 0.11.0)
      thread_safe (~> 0.3, >= 0.3.1)
    backports (3.18.2)
    browsermob-proxy (0.3.1)
      childprocess (~> 0.5)
      har
      multi_json (~> 1.0)
      rest-client
    builder (3.2.4)
    capybara (3.18.0)
      addressable
      mini_mime (>= 0.1.3)
      nokogiri (~> 1.8)
      rack (>= 1.6.0)
      rack-test (>= 0.6.3)
      regexp_parser (~> 1.2)
      xpath (~> 3.2)
    capybara-screenshot (1.0.25)
      capybara (>= 1.0, < 4)
      launchy
    childprocess (0.9.0)
      ffi (~> 1.0, >= 1.0.11)
    claide (1.0.3)
    claide-plugins (0.9.2)
      cork
      nap
      open4 (~> 1.3)
    codeclimate-engine-rb (0.4.1)
      virtus (~> 1.0)
    coderay (1.1.3)
    coercible (1.0.0)
      descendants_tracker (~> 0.0.1)
    colored2 (3.1.2)
    concurrent-ruby (1.1.7)
    cork (0.3.0)
      colored2 (~> 3.1)
    cucumber (3.2.0)
      builder (>= 2.1.2)
      cucumber-core (~> 3.2.0)
      cucumber-expressions (~> 6.0.1)
      cucumber-wire (~> 0.0.1)
      diff-lcs (~> 1.3)
      gherkin (~> 5.1.0)
      multi_json (>= 1.7.5, < 2.0)
      multi_test (>= 0.1.2)
    cucumber-core (3.2.1)
      backports (>= 3.8.0)
      cucumber-tag_expressions (~> 1.1.0)
      gherkin (~> 5.0)
    cucumber-expressions (6.0.1)
    cucumber-tag_expressions (1.1.1)
    cucumber-wire (0.0.1)
    danger (6.3.2)
      claide (~> 1.0)
      claide-plugins (>= 0.9.2)
      colored2 (~> 3.1)
      cork (~> 0.1)
      faraday (~> 0.9)
      faraday-http-cache (~> 2.0)
      git (~> 1.6)
      kramdown (~> 2.0)
      kramdown-parser-gfm (~> 1.0)
      no_proxy_fix
      octokit (~> 4.7)
      terminal-table (~> 1)
    danger-gitlab (8.0.0)
      danger
      gitlab (~> 4.2, >= 4.2.0)
    descendants_tracker (0.0.4)
      thread_safe (~> 0.3, >= 0.3.1)
    diff-lcs (1.4.4)
    domain_name (0.5.20190701)
      unf (>= 0.0.5, < 1.0.0)
    dotenv (2.7.6)
    equalizer (0.0.11)
    erubis (2.7.0)
    eventmachine (1.2.7)
    faraday (0.17.3)
      multipart-post (>= 1.2, < 3)
    faraday-http-cache (2.2.0)
      faraday (>= 0.8)
    faye-websocket (0.11.0)
      eventmachine (>= 0.12.0)
      websocket-driver (>= 0.5.1)
    ffi (1.13.1)
    filesize (0.2.0)
    flay (2.12.1)
      erubis (~> 2.7.0)
      path_expander (~> 1.0)
      ruby_parser (~> 3.0)
      sexp_processor (~> 4.0)
    geckodriver-helper (0.0.5)
      archive-zip (~> 0.7)
    gherkin (5.1.0)
    git (1.7.0)
      rchardet (~> 1.8)
    gitlab (4.16.1)
      httparty (~> 0.14, >= 0.14.0)
      terminal-table (~> 1.5, >= 1.5.1)
    googleauth (0.11.0)
      faraday (>= 0.17.3, < 2.0)
      jwt (>= 1.4, < 3.0)
      memoist (~> 0.16)
      multi_json (~> 1.11)
      os (>= 0.9, < 2.0)
      signet (~> 0.12)
    har (0.1.5)
      jschematic (>= 0.1.0)
      json
      launchy (>= 0.3.7)
    headless (2.3.1)
    http-accept (1.7.0)
    http-cookie (1.0.3)
      domain_name (~> 0.5)
    httparty (0.17.0)
      mime-types (~> 3.0)
      multi_xml (>= 0.5.2)
    i18n (1.8.5)
      concurrent-ruby (~> 1.0)
    ice_nine (0.11.2)
    io-like (0.3.1)
    jschematic (0.1.0)
      addressable
    json (1.8.5)
    json_matchers (0.11.1)
      json_schema
    json_schema (0.20.9)
    jsonpath (0.8.12)
      multi_json
      to_regexp (~> 0.2.1)
    jwt (2.2.1)
    kramdown (2.3.0)
      rexml
    kramdown-parser-gfm (1.1.0)
      kramdown (~> 2.0)
    kwalify (0.7.2)
    launchy (2.5.0)
      addressable (~> 2.7)
    memoist (0.16.2)
    method_source (0.8.2)
    mime-types (3.3.1)
      mime-types-data (~> 3.2015)
    mime-types-data (3.2020.1104)
    mini_mime (1.0.2)
    mini_portile2 (2.4.0)
    minitest (5.14.2)
    multi_json (1.15.0)
    multi_test (0.1.2)
    multi_xml (0.6.0)
    multipart-post (2.1.1)
    mysql2 (0.5.3)
    nap (1.1.0)
    net-scp (2.0.0)
      net-ssh (>= 2.6.5, < 6.0.0)
    net-ssh (5.2.0)
    netrc (0.11.0)
    no_proxy_fix (0.1.2)
    nokogiri (1.10.10)
      mini_portile2 (~> 2.4.0)
    octokit (4.19.0)
      faraday (>= 0.9)
      sawyer (~> 0.8.0, >= 0.5.3)
    open4 (1.3.4)
    os (1.1.1)
    parallel (1.20.1)
    parallel_tests (3.4.0)
      parallel
    parser (2.7.2.0)
      ast (~> 2.4.1)
    path_expander (1.1.0)
    pronto (0.10.0)
      gitlab (~> 4.0, >= 4.0.0)
      httparty (>= 0.13.7)
      octokit (~> 4.7, >= 4.7.0)
      rainbow (>= 2.2, < 4.0)
      rugged (~> 0.24, >= 0.23.0)
      thor (~> 0.20.0)
    pronto-flay (0.10.0)
      flay (~> 2.8)
      pronto (~> 0.10.0)
    pronto-reek (0.10.0)
      pronto (~> 0.10.0)
      reek (>= 4.2, < 6.0)
    pronto-rubocop (0.10.0)
      pronto (~> 0.10.0)
      rubocop (~> 0.50, >= 0.49.1)
    pry (0.10.4)
      coderay (~> 1.1.0)
      method_source (~> 0.8.1)
      slop (~> 3.4)
    psych (3.1.0)
    public_suffix (4.0.6)
    rack (1.6.13)
    rack-protection (1.5.5)
      rack
    rack-test (1.1.0)
      rack (>= 1.0, < 3)
    rainbow (3.0.0)
    rake (12.3.3)
    rchardet (1.8.0)
    reek (5.6.0)
      codeclimate-engine-rb (~> 0.4.0)
      kwalify (~> 0.7.0)
      parser (>= 2.5.0.0, < 2.8, != 2.5.1.1)
      psych (~> 3.1.0)
      rainbow (>= 2.0, < 4.0)
    regexp_parser (1.8.2)
    report_builder (1.8)
      json (>= 1.8.1)
    rest-client (2.1.0)
      http-accept (>= 1.7.0, < 2.0)
      http-cookie (>= 1.0.2, < 2.0)
      mime-types (>= 1.16, < 4.0)
      netrc (~> 0.8)
    rexml (3.2.4)
    rotp (5.1.0)
      addressable (~> 2.5)
    rspec (3.8.0)
      rspec-core (~> 3.8.0)
      rspec-expectations (~> 3.8.0)
      rspec-mocks (~> 3.8.0)
    rspec-core (3.8.2)
      rspec-support (~> 3.8.0)
    rspec-expectations (3.8.6)
      diff-lcs (>= 1.2.0, < 2.0)
      rspec-support (~> 3.8.0)
    rspec-mocks (3.8.2)
      diff-lcs (>= 1.2.0, < 2.0)
      rspec-support (~> 3.8.0)
    rspec-retry (0.4.6)
      rspec-core
    rspec-support (3.8.3)
    rubocop (0.93.1)
      parallel (~> 1.10)
      parser (>= 2.7.1.5)
      rainbow (>= 2.2.2, < 4.0)
      regexp_parser (>= 1.8)
      rexml
      rubocop-ast (>= 0.6.0)
      ruby-progressbar (~> 1.7)
      unicode-display_width (>= 1.4.0, < 2.0)
    rubocop-ast (1.3.0)
      parser (>= 2.7.1.5)
    ruby-progressbar (1.10.1)
    ruby_parser (3.15.0)
      sexp_processor (~> 4.9)
    rubyzip (2.3.0)
    rugged (0.99.0)
    sawyer (0.8.2)
      addressable (>= 2.3.5)
      faraday (> 0.8, < 2.0)
    selenium-webdriver (3.142.7)
      childprocess (>= 0.5, < 4.0)
      rubyzip (>= 1.2.2)
    sexp_processor (4.15.1)
    signet (0.14.0)
      addressable (~> 2.3)
      faraday (>= 0.17.3, < 2.0)
      jwt (>= 1.5, < 3.0)
      multi_json (~> 1.10)
    sinatra (1.3.1)
      rack (~> 1.3, >= 1.3.4)
      rack-protection (~> 1.1, >= 1.1.2)
      tilt (~> 1.3, >= 1.3.3)
    site_prism (3.4.2)
      addressable (~> 2.5)
      capybara (~> 3.3)
      site_prism-all_there (>= 0.3.1, < 1.0)
    site_prism-all_there (0.3.2)
    slack-incoming-webhooks (0.3.0)
    slop (3.6.0)
    telegramAPI (1.4.2)
      rest-client (~> 2.0, >= 2.0.2)
    terminal-table (1.8.0)
      unicode-display_width (~> 1.1, >= 1.1.1)
    thor (0.20.3)
    thread_safe (0.3.6)
    tilt (1.4.1)
    to_regexp (0.2.1)
    tomlrb (1.3.0)
    tzinfo (2.0.4)
      concurrent-ruby (~> 1.0)
    unf (0.1.4)
      unf_ext
    unf_ext (0.0.7.7)
    unicode-display_width (1.7.0)
    virtus (1.0.5)
      axiom-types (~> 0.1)
      coercible (~> 1.0)
      descendants_tracker (~> 0.0, >= 0.0.3)
      equalizer (~> 0.0, >= 0.0.9)
    wannabe_bool (0.7.1)
    webdrivers (4.4.1)
      nokogiri (~> 1.6)
      rubyzip (>= 1.3.0)
      selenium-webdriver (>= 3.0, < 4.0)
    websocket-driver (0.7.3)
      websocket-extensions (>= 0.1.0)
    websocket-extensions (0.1.5)
    xpath (3.2.0)
      nokogiri (~> 1.8)
    xvfb (1.0.4)
    zeitwerk (2.4.2)

PLATFORMS
  x86_64-darwin-18

DEPENDENCIES
  activesupport
  appium_capybara (~> 1.3)
  browsermob-proxy (= 0.3.1)
  capybara (= 3.18.0)
  capybara-screenshot (~> 1.0, >= 1.0.23)
  cucumber (~> 3.1)
  danger (~> 6.3, >= 6.3.2)
  danger-gitlab
  dotenv (~> 2.7.5)
  faker!
  faraday (= 0.17.3)
  filesize (~> 0.2.0)
  geckodriver-helper (~> 0.0.5)
  googleauth (= 0.11.0)
  headless (~> 2.3, >= 2.3.1)
  httparty (= 0.17.0)
  json (= 1.8.5)
  json_matchers (~> 0.11.1)
  json_schema (~> 0.20.8)
  jsonpath (~> 0.8.7)
  jwt (= 2.2.1)
  multipart-post
  mysql2 (~> 0.5.2)
  net-scp (~> 2.0)
  net-ssh (~> 5.2)
  nokogiri (~> 1.7, >= 1.7.0.1)
  parallel_tests
  pronto
  pronto-flay
  pronto-reek
  pronto-rubocop
  pry (~> 0.10.4)
  rake (~> 12.3.3)
  report_builder
  rotp (= 5.1.0)
  rspec (~> 3.8.0)
  rspec-retry (~> 0.4.5)
  selenium-webdriver (~> 3.142, >= 3.142.4)
  sinatra (= 1.3.1)
  site_prism (~> 3.4.1)
  slack-incoming-webhooks (= 0.3.0)
  telegramAPI (~> 1.4, >= 1.4.2)
  wannabe_bool (~> 0.7.1)
  webdrivers (~> 4.0)
  xvfb (= 1.0.4)

RUBY VERSION
   ruby 2.5.1p57

BUNDLED WITH
   2.2.1
